PATH
  remote: .
  specs:
    password_blacklist (0.1.0.pre)

GEM
  remote: https://rubygems.org/
  specs:
    ast (2.3.0)
    benchmark-ips (2.7.2)
    codeclimate-test-reporter (1.0.5)
      simplecov
    coveralls (0.8.19)
      json (>= 1.8, < 3)
      simplecov (~> 0.12.0)
      term-ansicolor (~> 1.3)
      thor (~> 0.19.1)
      tins (~> 1.6)
    diff-lcs (1.3)
    docile (1.1.5)
    json (2.0.3)
    parser (2.3.3.1)
      ast (~> 2.2)
    powerpack (0.1.1)
    rainbow (2.2.1)
    rake (12.0.0)
    rspec (3.5.0)
      rspec-core (~> 3.5.0)
      rspec-expectations (~> 3.5.0)
      rspec-mocks (~> 3.5.0)
    rspec-core (3.5.4)
      rspec-support (~> 3.5.0)
    rspec-expectations (3.5.0)
      diff-lcs (>= 1.2.0, < 2.0)
      rspec-support (~> 3.5.0)
    rspec-mocks (3.5.0)
      diff-lcs (>= 1.2.0, < 2.0)
      rspec-support (~> 3.5.0)
    rspec-support (3.5.0)
    rubocop (0.47.1)
      parser (>= 2.3.3.1, < 3.0)
      powerpack (~> 0.1)
      rainbow (>= 1.99.1, < 3.0)
      ruby-progressbar (~> 1.7)
      unicode-display_width (~> 1.0, >= 1.0.1)
    ruby-progressbar (1.8.1)
    simplecov (0.12.0)
      docile (~> 1.1.0)
      json (>= 1.8, < 3)
      simplecov-html (~> 0.10.0)
    simplecov-html (0.10.0)
    term-ansicolor (1.4.0)
      tins (~> 1.0)
    thor (0.19.4)
    tins (1.13.0)
    unicode-display_width (1.1.3)

PLATFORMS
  ruby

DEPENDENCIES
  benchmark-ips (~> 2.7.2)
  bundler (~> 1.13)
  codeclimate-test-reporter (~> 1.0.4)
  coveralls (~> 0.8.18)
  password_blacklist!
  rake (~> 12.0.0)
  rspec (~> 3.5)
  rubocop (~> 0.47.1)
  simplecov (~> 0.12.0)

BUNDLED WITH
   1.14.1
